GEM
  remote: https://rubygems.org/
  specs:
    coderay (1.1.2)
    leveldb-ruby (0.15)
    method_source (0.9.2)
    pry (0.12.2)
      coderay (~> 1.1.0)
      method_source (~> 0.9.0)
    snappy (0.0.17)

PLATFORMS
  ruby

DEPENDENCIES
  leveldb-ruby (~> 0.15)
  pry
  snappy

BUNDLED WITH
   1.17.2
